PATH
  remote: .
  specs:
    mws-orders (0.0.1)
      money (~> 5.1)
      nokogiri (~> 1.6)
      peddler (~> 0.5.0)

GEM
  remote: http://rubygems.org/
  specs:
    coderay (1.0.9)
    excon (0.25.3)
    i18n (0.6.4)
    jeff (0.7.0)
      excon (~> 0.25.0)
    method_source (0.8.2)
    mini_portile (0.5.1)
    minitest (5.0.6)
    money (5.1.1)
      i18n (~> 0.6.0)
    nokogiri (1.6.0)
      mini_portile (~> 0.5.0)
    peddler (0.5.0)
      jeff (~> 0.7.0)
    pry (0.9.12.2)
      coderay (~> 1.0.5)
      method_source (~> 0.8)
      slop (~> 3.4)
    rake (10.1.0)
    slop (3.4.6)

PLATFORMS
  ruby

DEPENDENCIES
  minitest
  mws-orders!
  pry
  rake
